GEM
  remote: http://rubygems.org/
  specs:
    async_sinatra (0.4.0)
      rack (>= 1.2.1)
      sinatra (>= 1.0)
    daemons (1.1.0)
    eventmachine (0.12.10)
    rack (1.2.1)
    sinatra (1.1.2)
      rack (~> 1.1)
      tilt (~> 1.2)
    thin (1.2.7)
      daemons (>= 1.0.9)
      eventmachine (>= 0.12.6)
      rack (>= 1.0.0)
    tilt (1.2.2)

PLATFORMS
  ruby

DEPENDENCIES
  async_sinatra
  thin
